GEM
  remote: https://rubygems.org/
  specs:
    airbrussh (1.4.0)
      sshkit (>= 1.6.1, != 1.7.0)
    capistrano (3.12.1)
      airbrussh (>= 1.0.0)
      i18n
      rake (>= 10.0.0)
      sshkit (>= 1.9.0)
    capistrano-composer (0.0.6)
      capistrano (>= 3.0.0.pre)
    concurrent-ruby (1.1.6)
    dotenv (2.7.5)
    i18n (1.8.2)
      concurrent-ruby (~> 1.0)
    net-scp (2.0.0)
      net-ssh (>= 2.6.5, < 6.0.0)
    net-ssh (5.2.0)
    rake (13.0.1)
    slackistrano (4.0.1)
      capistrano (>= 3.8.1)
    sshkit (1.21.0)
      net-scp (>= 1.1.2)
      net-ssh (>= 2.8.0)

PLATFORMS
  ruby

DEPENDENCIES
  capistrano (>= 3.9)
  capistrano-composer (>= 0.0.6)
  dotenv (>= 2.2)
  slackistrano (>= 3.8)

RUBY VERSION
   ruby 2.6.1p33

BUNDLED WITH
   2.1.4
